PATH
  remote: .
  specs:
    standard_view (0.1.14)
      law (>= 0.1.7, < 1.0)
      material (>= 0.3.8, < 1.0)
      rails (>= 5.2.3)
      simple_form (>= 4.1, < 5.1)
      spicery (>= 0.23.7, < 1.0)
      will_paginate (~> 3.1.1)

GEM
  remote: https://rubygems.org/
  specs:
    actioncable (5.2.3)
      actionpack (= 5.2.3)
      nio4r (~> 2.0)
      websocket-driver (>= 0.6.1)
    actionmailer (5.2.3)
      actionpack (= 5.2.3)
      actionview (= 5.2.3)
      activejob (= 5.2.3)
      mail (~> 2.5, >= 2.5.4)
      rails-dom-testing (~> 2.0)
    actionpack (5.2.3)
      actionview (= 5.2.3)
      activesupport (= 5.2.3)
      rack (~> 2.0)
      rack-test (>= 0.6.3)
      rails-dom-testing (~> 2.0)
      rails-html-sanitizer (~> 1.0, >= 1.0.2)
    actionview (5.2.3)
      activesupport (= 5.2.3)
      builder (~> 3.1)
      erubi (~> 1.4)
      rails-dom-testing (~> 2.0)
      rails-html-sanitizer (~> 1.0, >= 1.0.3)
    activejob (5.2.3)
      activesupport (= 5.2.3)
      globalid (>= 0.3.6)
    activemodel (5.2.3)
      activesupport (= 5.2.3)
    activerecord (5.2.3)
      activemodel (= 5.2.3)
      activesupport (= 5.2.3)
      arel (>= 9.0)
    activestorage (5.2.3)
      actionpack (= 5.2.3)
      activerecord (= 5.2.3)
      marcel (~> 0.3.1)
    activesupport (5.2.3)
      concurrent-ruby (~> 1.0, >= 1.0.2)
      i18n (>= 0.7, < 2)
      minitest (~> 5.1)
      tzinfo (~> 1.1)
    arel (9.0.0)
    around_the_world (0.23.7)
      activesupport (>= 5.2.1)
    ast (2.4.0)
    builder (3.2.3)
    collectible (0.23.7)
      activesupport (>= 5.2.1)
      short_circu_it (= 0.23.7)
      tablesalt (= 0.23.7)
    concurrent-ruby (1.1.6)
    conjunction (0.23.7)
      activemodel (>= 5.2.1)
      activesupport (>= 5.2.1)
      directive (= 0.23.7)
      spicerack (= 0.23.7)
    crass (1.0.5)
    diff-lcs (1.3)
    directive (0.23.7)
      activesupport (>= 5.2.1)
      spicerack (= 0.23.7)
    docile (1.3.2)
    erubi (1.9.0)
    facet (0.23.7)
      activesupport (>= 5.2.1)
      short_circu_it (= 0.23.7)
      tablesalt (= 0.23.7)
    faker (1.9.6)
      i18n (>= 0.7)
    globalid (0.4.2)
      activesupport (>= 4.2.0)
    i18n (1.8.2)
      concurrent-ruby (~> 1.0)
    jaro_winkler (1.5.4)
    json (2.2.0)
    law (0.1.7)
      activesupport (>= 5.2.1)
      spicery (>= 0.22.3.1, < 1.0)
    loofah (2.3.1)
      crass (~> 1.0.2)
      nokogiri (>= 1.5.9)
    mail (2.7.1)
      mini_mime (>= 0.1.1)
    marcel (0.3.3)
      mimemagic (~> 0.3.2)
    material (0.3.8)
      activesupport (>= 5.2.1)
      spicery (>= 0.21.0, < 1.0)
    method_source (0.9.2)
    mimemagic (0.3.5)
    mini_mime (1.0.2)
    mini_portile2 (2.4.0)
    minitest (5.14.0)
    nio4r (2.5.2)
    nokogiri (1.10.8)
      mini_portile2 (~> 2.4.0)
    parallel (1.19.1)
    parser (2.7.0.2)
      ast (~> 2.4.0)
    rack (2.0.8)
    rack-test (1.1.0)
      rack (>= 1.0, < 3)
    rails (5.2.3)
      actioncable (= 5.2.3)
      actionmailer (= 5.2.3)
      actionpack (= 5.2.3)
      actionview (= 5.2.3)
      activejob (= 5.2.3)
      activemodel (= 5.2.3)
      activerecord (= 5.2.3)
      activestorage (= 5.2.3)
      activesupport (= 5.2.3)
      bundler (>= 1.3.0)
      railties (= 5.2.3)
      sprockets-rails (>= 2.0.0)
    rails-dom-testing (2.0.3)
      activesupport (>= 4.2.0)
      nokogiri (>= 1.6)
    rails-html-sanitizer (1.3.0)
      loofah (~> 2.3)
    railties (5.2.3)
      actionpack (= 5.2.3)
      activesupport (= 5.2.3)
      method_source
      rake (>= 0.8.7)
      thor (>= 0.19.0, < 2.0)
    rainbow (3.0.0)
    rake (13.0.1)
    redis (4.1.4)
    redis_hash (0.23.7)
      activesupport (>= 5.2.1)
      redis (>= 3.0)
      tablesalt (= 0.23.7)
    rspec (3.8.0)
      rspec-core (~> 3.8.0)
      rspec-expectations (~> 3.8.0)
      rspec-mocks (~> 3.8.0)
    rspec-core (3.8.2)
      rspec-support (~> 3.8.0)
    rspec-expectations (3.8.6)
      diff-lcs (>= 1.2.0, < 2.0)
      rspec-support (~> 3.8.0)
    rspec-html-matchers (0.9.1)
      nokogiri (~> 1)
      rspec (>= 3.0.0.a, < 4)
    rspec-mocks (3.8.2)
      diff-lcs (>= 1.2.0, < 2.0)
      rspec-support (~> 3.8.0)
    rspec-rails (3.8.3)
      actionpack (>= 3.0)
      activesupport (>= 3.0)
      railties (>= 3.0)
      rspec-core (~> 3.8.0)
      rspec-expectations (~> 3.8.0)
      rspec-mocks (~> 3.8.0)
      rspec-support (~> 3.8.0)
    rspec-support (3.8.3)
    rspice (0.22.3.1)
      faker (>= 1.8, < 2.0)
      rspec (~> 3.0)
    rubocop (0.74.0)
      jaro_winkler (~> 1.5.1)
      parallel (~> 1.10)
      parser (>= 2.6)
      rainbow (>= 2.2.2, < 4.0)
      ruby-progressbar (~> 1.7)
      unicode-display_width (>= 1.4.0, < 1.7)
    rubocop-performance (1.4.1)
      rubocop (>= 0.71.0)
    rubocop-rails (2.3.0)
      rack (>= 1.1)
      rubocop (>= 0.72.0)
    rubocop-rspec (1.35.0)
      rubocop (>= 0.60.0)
    ruby-progressbar (1.10.1)
    short_circu_it (0.23.7)
      activesupport (>= 5.2.1)
      around_the_world (= 0.23.7)
    simple_form (5.0.2)
      actionpack (>= 5.0)
      activemodel (>= 5.0)
    simplecov (0.17.1)
      docile (~> 1.1)
      json (>= 1.8, < 3)
      simplecov-html (~> 0.10.0)
    simplecov-html (0.10.2)
    spicerack (0.23.7)
      around_the_world (= 0.23.7)
      redis_hash (= 0.23.7)
      short_circu_it (= 0.23.7)
      tablesalt (= 0.23.7)
      technologic (= 0.23.7)
    spicerack-styleguide (0.22.3.1)
      rubocop (= 0.74)
      rubocop-performance (= 1.4.1)
      rubocop-rails (= 2.3.0)
      rubocop-rspec (= 1.35.0)
    spicery (0.23.7)
      collectible (= 0.23.7)
      conjunction (= 0.23.7)
      facet (= 0.23.7)
      spicerack (= 0.23.7)
    sprockets (4.0.0)
      concurrent-ruby (~> 1.0)
      rack (> 1, < 3)
    sprockets-rails (3.2.1)
      actionpack (>= 4.0)
      activesupport (>= 4.0)
      sprockets (>= 3.0.0)
    sqlite3 (1.3.13)
    tablesalt (0.23.7)
      activemodel (>= 5.2.1)
      activesupport (>= 5.2.1)
    technologic (0.23.7)
      activesupport (>= 5.2.1)
      short_circu_it (= 0.23.7)
    thor (0.20.3)
    thread_safe (0.3.6)
    tzinfo (1.2.7)
      thread_safe (~> 0.1)
    unicode-display_width (1.6.1)
    websocket-driver (0.7.1)
      websocket-extensions (>= 0.1.0)
    websocket-extensions (0.1.4)
    will_paginate (3.1.8)

PLATFORMS
  ruby

DEPENDENCIES
  bundler (~> 2.0.1)
  faker (~> 1.8)
  rake (~> 13.0)
  rspec-html-matchers
  rspec-rails (~> 3.8.2)
  rspice (>= 0.22.3.1, < 1.0)
  simplecov (~> 0.16)
  spicerack-styleguide (>= 0.22.3.1, < 1.0)
  sqlite3 (~> 1.3.6)
  standard_view!

BUNDLED WITH
   2.0.2
